GEM
  remote: https://rubygems.org/
  specs:
    coveralls (0.8.23)
      json (>= 1.8, < 3)
      simplecov (~> 0.16.1)
      term-ansicolor (~> 1.3)
      thor (>= 0.19.4, < 2.0)
      tins (~> 1.6)
    docile (1.3.2)
    json (2.2.0)
    minitest (5.11.3)
    rake (12.3.1)
    simplecov (0.16.1)
      docile (~> 1.1)
      json (>= 1.8, < 3)
      simplecov-html (~> 0.10.0)
    simplecov-html (0.10.2)
    term-ansicolor (1.7.1)
      tins (~> 1.0)
    thor (0.20.3)
    tins (1.22.0)

PLATFORMS
  ruby

DEPENDENCIES
  coveralls
  minitest
  rake

BUNDLED WITH
   1.17.2
